GEM
  remote: https://rubygems.org/
  specs:
    addressable (2.4.0)
    colorize (0.8.1)
    configatron (4.5.0)
    faraday (0.9.2)
      multipart-post (>= 1.2, < 3)
    github-markup (1.4.0)
    json (1.8.3)
    multipart-post (2.0.0)
    octokit (4.3.0)
      sawyer (~> 0.7.0, >= 0.5.3)
    redcarpet (3.3.4)
    releasinator (0.6.3)
      colorize (~> 0.7)
      configatron (~> 4.5)
      json (~> 1.8)
      octokit (~> 4.0)
      semantic (~> 1.4)
      vandamme (~> 0.0.11)
    sawyer (0.7.0)
      addressable (>= 2.3.5, < 2.5)
      faraday (~> 0.8, < 0.10)
    semantic (1.4.1)
    vandamme (0.0.11)
      github-markup (~> 1.3)
      redcarpet (~> 3.3.2)

PLATFORMS
  ruby

DEPENDENCIES
  releasinator (~> 0.6)

BUNDLED WITH
   1.12.5
